GEM
  remote: https://rubygems.org/
  specs:
    chartkick (2.2.5)
    concurrent-ruby (1.0.5)
    enumerable-lazy (0.0.2)
    i18n (0.9.3)
      concurrent-ruby (~> 1.0)
    mail (2.7.0)
      mini_mime (>= 0.1.1)
    mime-types (2.99.3)
    mini_mime (1.0.0)
    minitest (5.11.3)
    moneta (1.0.0)
    mustermann (1.0.1)
    mustermann19 (0.4.4)
      enumerable-lazy
    padrino (0.14.2)
      padrino-admin (= 0.14.2)
      padrino-cache (= 0.14.2)
      padrino-core (= 0.14.2)
      padrino-gen (= 0.14.2)
      padrino-helpers (= 0.14.2)
      padrino-mailer (= 0.14.2)
      padrino-support (= 0.14.2)
    padrino-admin (0.14.2)
      padrino-core (= 0.14.2)
      padrino-helpers (= 0.14.2)
    padrino-cache (0.14.2)
      moneta (~> 1.0.0)
      padrino-core (= 0.14.2)
      padrino-helpers (= 0.14.2)
    padrino-core (0.14.2)
      mustermann19
      padrino-support (= 0.14.2)
      rack-protection (>= 1.5.0)
      sinatra (>= 1.4.6)
      thor (~> 0.18)
    padrino-gen (0.14.2)
      bundler (~> 1.0)
      padrino-core (= 0.14.2)
    padrino-helpers (0.14.2)
      i18n (~> 0.6, >= 0.6.7)
      padrino-support (= 0.14.2)
      tilt (>= 1.4.1, < 3)
    padrino-mailer (0.14.2)
      mail (~> 2.5)
      mime-types (< 3)
      padrino-core (= 0.14.2)
    padrino-support (0.14.2)
    pg (1.0.0)
    puma (3.11.2)
    rack (2.0.3)
    rack-protection (2.0.0)
      rack
    rack-test (0.8.2)
      rack (>= 1.0, < 3)
    rake (12.3.0)
    sequel (5.4.0)
    sinatra (2.0.0)
      mustermann (~> 1.0)
      rack (~> 2.0)
      rack-protection (= 2.0.0)
      tilt (~> 2.0)
    slim (3.0.9)
      temple (>= 0.7.6, < 0.9)
      tilt (>= 1.3.3, < 2.1)
    temple (0.8.0)
    thor (0.20.0)
    tilt (2.0.8)

PLATFORMS
  ruby

DEPENDENCIES
  chartkick
  minitest
  padrino (= 0.14.2)
  pg
  puma
  rack-test
  rake
  sequel
  slim

RUBY VERSION
   ruby 2.5.0p0

BUNDLED WITH
   1.16.1
